GIT
  remote: https://github.com/tildeio/helix
  revision: b39e3ddb954408e4c1ab7ac5ae4673b4ac3e218d
  branch: error-handling
  specs:
    helix_runtime (0.5.0)
      rake (~> 10.0)

GEM
  remote: https://rubygems.org/
  specs:
    diff-lcs (1.3)
    rake (10.5.0)
    rspec (3.5.0)
      rspec-core (~> 3.5.0)
      rspec-expectations (~> 3.5.0)
      rspec-mocks (~> 3.5.0)
    rspec-core (3.5.4)
      rspec-support (~> 3.5.0)
    rspec-expectations (3.5.0)
      diff-lcs (>= 1.2.0, < 2.0)
      rspec-support (~> 3.5.0)
    rspec-mocks (3.5.0)
      diff-lcs (>= 1.2.0, < 2.0)
      rspec-support (~> 3.5.0)
    rspec-support (3.5.0)

PLATFORMS
  x86-mingw32

DEPENDENCIES
  helix_runtime!
  rake
  rspec (~> 3.4)

BUNDLED WITH
   1.14.6
